GIT
  remote: https://github.com/CDLUC3/stash.git
  revision: 2f7f1e7132603a5f2614eacb2f3a03d66d40278d
  branch: development
  specs:
    stash-harvester (0.0.1)
      activerecord (~> 4.2, >= 4.2.3)
      config-factory (~> 0.0, >= 0.0.8)
      datacite-mapping (~> 0.2, >= 0.2.3)
      factory_girl (~> 4.0)
      oai (~> 0.3, >= 0.3.1)
      resync-client (~> 0.4, >= 0.4.5)
      rsolr (~> 1.1)
      sqlite3 (~> 1.3, >= 1.3.10)
      standalone_migrations (~> 5.0)
      stash-wrapper
    stash-wrapper (0.1.11.1)
      typesafe_enum (~> 0.1, >= 0.1.7)
      xml-mapping_extensions (~> 0.4, >= 0.4.2)

GEM
  remote: https://rubygems.org/
  specs:
    actionpack (4.2.8)
      actionview (= 4.2.8)
      activesupport (= 4.2.8)
      rack (~> 1.6)
      rack-test (~> 0.6.2)
      rails-dom-testing (~> 1.0, >= 1.0.5)
      rails-html-sanitizer (~> 1.0, >= 1.0.2)
    actionview (4.2.8)
      activesupport (= 4.2.8)
      builder (~> 3.1)
      erubis (~> 2.7.0)
      rails-dom-testing (~> 1.0, >= 1.0.5)
      rails-html-sanitizer (~> 1.0, >= 1.0.3)
    activemodel (4.2.8)
      activesupport (= 4.2.8)
      builder (~> 3.1)
    activerecord (4.2.8)
      activemodel (= 4.2.8)
      activesupport (= 4.2.8)
      arel (~> 6.0)
    activesupport (4.2.8)
      i18n (~> 0.7)
      minitest (~> 5.1)
      thread_safe (~> 0.3, >= 0.3.4)
      tzinfo (~> 1.1)
    airbrussh (1.2.0)
      sshkit (>= 1.6.1, != 1.7.0)
    arel (6.0.4)
    builder (3.2.3)
    capistrano (3.8.1)
      airbrussh (>= 1.0.0)
      i18n
      rake (>= 10.0.0)
      sshkit (>= 1.9.0)
    capistrano-bundler (1.1.4)
      capistrano (~> 3.1)
      sshkit (~> 1.2)
    chronic (0.10.2)
    config-factory (0.0.9)
    datacite-mapping (0.2.5)
      typesafe_enum (~> 0.1, >= 0.1.7)
      xml-mapping_extensions (~> 0.4, >= 0.4.7)
    erubis (2.7.0)
    factory_girl (4.8.0)
      activesupport (>= 3.0.0)
    faraday (0.12.1)
      multipart-post (>= 1.2, < 3)
    faraday_middleware (0.11.0.1)
      faraday (>= 0.7.4, < 1.0)
    i18n (0.8.1)
    loofah (2.0.3)
      nokogiri (>= 1.5.9)
    mime-types (3.1)
      mime-types-data (~> 3.2015)
    mime-types-data (3.2016.0521)
    mini_portile2 (2.1.0)
    minitest (5.10.1)
    multipart-post (2.0.0)
    net-scp (1.2.1)
      net-ssh (>= 2.6.5)
    net-ssh (4.1.0)
    nokogiri (1.7.1)
      mini_portile2 (~> 2.1.0)
    oai (0.4.0)
      builder (>= 3.1.0)
      faraday
      faraday_middleware
    promise (0.3.1)
    rack (1.6.5)
    rack-test (0.6.3)
      rack (>= 1.0)
    rails-deprecated_sanitizer (1.0.3)
      activesupport (>= 4.2.0.alpha)
    rails-dom-testing (1.0.8)
      activesupport (>= 4.2.0.beta, < 5.0)
      nokogiri (~> 1.6)
      rails-deprecated_sanitizer (>= 1.0.1)
    rails-html-sanitizer (1.0.3)
      loofah (~> 2.0)
    railties (4.2.8)
      actionpack (= 4.2.8)
      activesupport (= 4.2.8)
      rake (>= 0.8.7)
      thor (>= 0.18.1, < 2.0)
    rake (10.5.0)
    resync (0.4.5)
      mime-types (~> 3.0)
      typesafe_enum (~> 0.1, >= 0.1.5)
      xml-mapping (~> 0.10)
      xml-mapping_extensions (~> 0.4, >= 0.4.8)
    resync-client (0.4.6)
      promise (~> 0.3, >= 0.3.1)
      resync (~> 0.4, >= 0.4.5)
      rubyzip (~> 1.1)
    rsolr (1.1.2)
      builder (>= 2.1.2)
    rubyzip (1.2.1)
    sqlite3 (1.3.13)
    sshkit (1.13.1)
      net-scp (>= 1.1.2)
      net-ssh (>= 2.8.0)
    standalone_migrations (5.0.0)
      activerecord (>= 4.2.7, < 5.1.0)
      railties (>= 4.2.7, < 5.1.0)
      rake (~> 10.0)
    thor (0.19.4)
    thread_safe (0.3.6)
    typesafe_enum (0.1.7)
    tzinfo (1.2.3)
      thread_safe (~> 0.1)
    whenever (0.9.7)
      chronic (>= 0.6.3)
    xml-mapping (0.10.0)
    xml-mapping_extensions (0.4.8)
      mime-types (~> 3.0)
      typesafe_enum (~> 0.1, >= 0.1.5)
      xml-mapping (~> 0.10)

PLATFORMS
  ruby

DEPENDENCIES
  capistrano (~> 3.4)
  capistrano-bundler (~> 1.1.4)
  nokogiri (~> 1.7)
  stash-harvester!
  whenever (~> 0.9)

BUNDLED WITH
   1.14.6
